RESTRICTION: || (== net45) (== net452)
NUGET
  remote: https://www.nuget.org/api/v2
    Castle.Core (4.1.1)
    Dragablz (0.0.3.165)
    MahApps.Metro (1.5)
    Moq (4.7.1)
      Castle.Core (>= 4.0)
    NSubstitute (1.10)
    RhinoMocks (3.6.1)
    Shouldly (2.8)
    XamlDisplayerPackage (1.0.1)
    xunit (2.1)
      xunit.assert (2.1)
      xunit.core (2.1)
    xunit.abstractions (2.0)
    xunit.assert (2.1)
    xunit.core (2.1)
      xunit.extensibility.core (2.1)
      xunit.extensibility.execution (2.1)
    xunit.extensibility.core (2.1)
      xunit.abstractions (2.0)
    xunit.extensibility.execution (2.1)
      xunit.extensibility.core (2.1)
GITHUB
  remote: ControlzEx/ControlzEx
    src/ControlzEx/BadgedEx.cs (e687c6ac4279c4e513b7ef9a75622411350db874)
    src/ControlzEx/PackIconBase.cs (e687c6ac4279c4e513b7ef9a75622411350db874)
    src/ControlzEx/PopupEx.cs (e687c6ac4279c4e513b7ef9a75622411350db874)
  remote: samueldjack/VirtualCollection
    VirtualCollection/VirtualCollection/VirtualizingWrapPanel.cs (e63d891c252c2ac1a3ebb26dddb9a3d89effe3f2)